PATH
  remote: .
  specs:
    watirsplash (2.1.0)
      bundler (~> 1.0)
      rake (= 0.8.7)
      require_all
      syntax
      thor (~> 0)

GEM
  remote: http://rubygems.org/
  specs:
    builder (3.0.0)
    childprocess (0.1.9)
      ffi (~> 1.0.6)
    commonwatir (1.9.2)
      user-choices
    diff-lcs (1.1.2)
    ffi (1.0.9-x86-mingw32)
    firewatir (1.9.2)
      commonwatir (= 1.9.2)
    hoe (2.10.0)
      rake (~> 0.8)
    json_pure (1.5.3)
    mini_magick (3.2.1)
      subexec (~> 0.0.4)
    nokogiri (1.5.0-x86-mingw32)
    rake (0.8.7)
    rautomation (0.6.2)
    require_all (1.2.0)
    rspec (2.6.0)
      rspec-core (~> 2.6.0)
      rspec-expectations (~> 2.6.0)
      rspec-mocks (~> 2.6.0)
    rspec-core (2.6.4)
    rspec-expectations (2.6.0)
      diff-lcs (~> 1.1.2)
    rspec-mocks (2.6.0)
    rubyzip (0.9.4)
    s4t-utils (1.0.4)
      hoe (>= 1.3.0)
    selenium-webdriver (0.2.2)
      childprocess (>= 0.1.9)
      ffi (>= 1.0.7)
      json_pure
      rubyzip
    spork (0.9.0.rc9-x86-mingw32)
      win32-process
    subexec (0.0.4)
    syntax (1.0.0)
    thor (0.14.6)
    user-choices (1.1.6.1)
      builder (>= 2.1.2)
      s4t-utils (>= 1.0.3)
      xml-simple (>= 1.0.11)
    watir (1.9.2)
      commonwatir (= 1.9.2)
      ffi (~> 1.0)
      firewatir (= 1.9.2)
      nokogiri
      rautomation (~> 0.6.2)
      win32-process (>= 0.5.5)
      windows-pr (>= 0.6.6)
    watir-webdriver (0.2.5)
      selenium-webdriver (>= 0.2.2)
    win32-api (1.4.8-x86-mingw32)
    win32-process (0.6.5)
      windows-pr (>= 1.1.2)
    win32screenshot (1.0.4)
      ffi (~> 1.0)
      mini_magick (~> 3.2.0)
      rautomation (~> 0.5)
    windows-api (0.4.0)
      win32-api (>= 1.4.5)
    windows-pr (1.2.0)
      win32-api (>= 1.4.5)
      windows-api (>= 0.3.0)
    xml-simple (1.1.0)

PLATFORMS
  x86-mingw32

DEPENDENCIES
  firewatir (= 1.9.2)
  rspec (~> 2.6.0)
  spork (~> 0.9.0.rc9)
  watir (= 1.9.2)
  watir-webdriver (~> 0.2.5)
  watirsplash!
  win32screenshot (~> 1.0.4)
