PATH
  remote: .
  specs:
    watirsplash (2.4.4)
      require_all
      syntax
      thor (~> 0)

GEM
  remote: http://rubygems.org/
  specs:
    addressable (2.2.7)
    builder (3.0.0)
    childprocess (0.3.2)
      ffi (~> 1.0.6)
    commonwatir (3.0.0)
    diff-lcs (1.1.3)
    ffi (1.0.11)
    hoe (3.0.3)
      rake (~> 0.8)
    libwebsocket (0.1.3)
      addressable
    mini_magick (3.2.1)
      subexec (~> 0.0.4)
    multi_json (1.3.2)
    nokogiri (1.5.2-x86-mingw32)
    rake (0.9.2.2)
    rautomation (0.7.2)
    require_all (1.2.1)
    rspec (2.9.0)
      rspec-core (~> 2.9.0)
      rspec-expectations (~> 2.9.0)
      rspec-mocks (~> 2.9.0)
    rspec-core (2.9.0)
    rspec-expectations (2.9.0)
      diff-lcs (~> 1.1.3)
    rspec-mocks (2.9.0)
    rubyzip (0.9.7)
    s4t-utils (1.0.4)
      hoe (>= 1.3.0)
    selenium-webdriver (2.21.2)
      childprocess (>= 0.2.5)
      ffi (~> 1.0)
      libwebsocket (~> 0.1.3)
      multi_json (~> 1.0)
      rubyzip
    spork (0.9.0-x86-mingw32)
      win32-process
    spork-local_process (0.0.7)
      spork (~> 0.9.0)
    subexec (0.0.4)
    syntax (1.0.0)
    thor (0.14.6)
    user-choices (1.1.6.1)
      builder (>= 2.1.2)
      s4t-utils (>= 1.0.3)
      xml-simple (>= 1.0.11)
    watir (3.0.0)
      commonwatir (= 3.0.0)
      watir-classic (~> 3)
    watir-classic (3.0.0)
      ffi (~> 1.0)
      nokogiri
      rautomation (~> 0.7.2)
      user-choices
      win32-process (>= 0.5.5)
      windows-pr (>= 0.6.6)
    watir-webdriver (0.5.5)
      selenium-webdriver (>= 2.18.0)
    win32-api (1.4.8-x86-mingw32)
    win32-process (0.6.5)
      windows-pr (>= 1.1.2)
    win32screenshot (1.0.7)
      ffi (~> 1.0)
      mini_magick (~> 3.2.1)
      rautomation (~> 0.7.0)
    windows-api (0.4.1)
      win32-api (>= 1.4.5)
    windows-pr (1.2.1)
      win32-api (>= 1.4.5)
      windows-api (>= 0.3.0)
    xml-simple (1.1.1)

PLATFORMS
  x86-mingw32

DEPENDENCIES
  rspec (~> 2.9.0)
  spork (~> 0.9.0)
  spork-local_process (~> 0.0.7)
  watir (~> 3.0.0)
  watir-webdriver (~> 0.5.5)
  watirsplash!
  win32screenshot (~> 1.0.7)
